GEM
  remote: http://rubygems.org/
  remote: http://rubygems.org/
  remote: http://rubygems.org/
  remote: http://gems.rubyforge.org/
  remote: http://rubygems.org/
  remote: http://gemcutter.org/
  specs:
    bouncy-castle-java (1.5.0146.1)
    certified (0.1.1)
    faraday (0.8.5)
      multipart-post (~> 1.1)
    github_api (0.8.10)
      faraday (~> 0.8.1)
      hashie (~> 1.2.0)
      multi_json (~> 1.4)
      nokogiri (~> 1.5.2)
      oauth2
    hashie (1.2.0)
    httpauth (0.2.0)
    jruby-openssl (0.7.7)
      bouncy-castle-java (>= 1.5.0146.1)
    json (1.7.4)
    json (1.7.4-java)
    jwt (0.1.5)
      multi_json (>= 1.0)
    logger (1.2.8)
    multi_json (1.5.0)
    multipart-post (1.1.5)
    nokogiri (1.5.6)
    nokogiri (1.5.6-java)
    oauth2 (0.8.0)
      faraday (~> 0.8)
      httpauth (~> 0.1)
      jwt (~> 0.1.4)
      multi_json (~> 1.0)
      rack (~> 1.2)
    rack (1.5.1)
    xml-simple (1.1.2)

PLATFORMS
  java
  ruby

DEPENDENCIES
  certified (= 0.1.1)
  github_api (= 0.8.10)
  jruby-openssl (= 0.7.7)
  json (= 1.7.4)
  logger
  xml-simple (= 1.1.2)
